PATH
  remote: .
  specs:
    gooddata (0.6.0.pre9)
      activesupport (~> 4.0.3)
      bundler (~> 1.5.3)
      erubis (~> 2.7.0)
      gli (~> 0.3.1)
      highline (~> 0.6.1)
      i18n (~> 0.6.9)
      json (~> 1.7.7)
      json_pure (~> 1.8.1)
      parseconfig (~> 0.5.2)
      pry (~> 0.9.12.6)
      rest-client (~> 1.6.7)
      restforce (~> 0.1.10)
      rubyzip (~> 1.1.0)
      salesforce_bulk (~> 0.1.0)

GEM
  remote: https://rubygems.org/
  specs:
    activesupport (4.0.3)
      i18n (~> 0.6, >= 0.6.4)
      minitest (~> 4.2)
      multi_json (~> 1.3)
      thread_safe (~> 0.1)
      tzinfo (~> 0.3.37)
    atomic (1.1.15)
    coderay (1.1.0)
    diff-lcs (1.2.5)
    erubis (2.7.0)
    faraday (0.8.9)
      multipart-post (~> 1.2.0)
    faraday_middleware (0.8.8)
      faraday (>= 0.7.4, < 0.9)
    gli (0.3.1)
    hashie (1.2.0)
    highline (0.6.1)
    i18n (0.6.9)
    json (1.7.7)
    json_pure (1.8.1)
    method_source (0.8.2)
    mime-types (2.1)
    minitest (4.7.5)
    multi_json (1.9.0)
    multipart-post (1.2.0)
    parseconfig (0.5.2)
    pry (0.9.12.6)
      coderay (~> 1.0)
      method_source (~> 0.8)
      slop (~> 3.4)
    rake (0.9.6)
    rest-client (1.6.7)
      mime-types (>= 1.16)
    restforce (0.1.10)
      faraday (~> 0.8.4)
      faraday_middleware (~> 0.8.8)
      hashie (~> 1.2.0)
      json (~> 1.7.5)
      rake
    rspec (2.14.1)
      rspec-core (~> 2.14.0)
      rspec-expectations (~> 2.14.0)
      rspec-mocks (~> 2.14.0)
    rspec-core (2.14.8)
    rspec-expectations (2.14.5)
      diff-lcs (>= 1.1.3, < 2.0)
    rspec-mocks (2.14.6)
    rubyzip (1.1.0)
    salesforce_bulk (0.1.0)
      xml-simple
    slop (3.4.7)
    thread_safe (0.2.0)
      atomic (>= 1.1.7, < 2)
    tzinfo (0.3.38)
    xml-simple (1.1.3)
    yard (0.8.7.3)

PLATFORMS
  ruby

DEPENDENCIES
  gooddata!
  rake (~> 0.9.6)
  rspec (~> 2.14.1)
  yard (~> 0.8.7.3)
