GEM
  remote: http://rubygems.org/
  specs:
    gooddata (0.5.14)
      json
      json_pure
      parseconfig
      rest-client
      rubyzip
    json (1.8.0)
    json_pure (1.8.0)
    mime-types (1.24)
    parseconfig (1.0.2)
    rest-client (1.6.7)
      mime-types (>= 1.16)
    rubyzip (0.9.9)

PLATFORMS
  ruby

DEPENDENCIES
  gooddata
